GIT
  remote: git://github.com/okkez/coverage-printer.git
  revision: ba8250943717a7f7e29a10dbc6f6273954ef4b4c
  specs:
    coverage-printer (0.1.0)

GEM
  remote: http://rubygems.org/
  specs:
    git (1.2.5)
    jeweler (1.5.2)
      bundler (~> 1.0.0)
      git (>= 1.2.5)
      rake
    rake (0.8.7)
    test-unit (2.3.0)

PLATFORMS
  ruby

DEPENDENCIES
  bundler (~> 1.0.0)
  coverage-printer!
  jeweler (~> 1.5.2)
  test-unit (>= 2.2.0)
